GEM
  remote: https://rubygems.org/
  specs:
    byebug (10.0.2)
    coderay (1.1.2)
    google-protobuf (3.6.1)
    googleapis-common-protos-types (1.0.2)
      google-protobuf (~> 3.0)
    grpc (1.14.1)
      google-protobuf (~> 3.1)
      googleapis-common-protos-types (~> 1.0.0)
    method_source (0.9.0)
    pry (0.11.3)
      coderay (~> 1.1.0)
      method_source (~> 0.9.0)
    pry-byebug (3.6.0)
      byebug (~> 10.0)
      pry (~> 0.10)

PLATFORMS
  ruby

DEPENDENCIES
  grpc
  pry-byebug

BUNDLED WITH
   1.16.1
