GEM
  remote: https://rubygems.org/
  specs:
    msgpack (1.0.0)

PLATFORMS
  ruby

DEPENDENCIES
  msgpack

BUNDLED WITH
   1.12.5
