GEM
  remote: https://rubygems.org/
  specs:
    cool.io (1.5.3)
    mustermann (1.0.2)
    rack (2.0.5)
    rack-protection (2.0.2)
      rack
    serverengine (2.0.6)
      sigdump (~> 0.2.2)
    sigdump (0.2.4)
    sinatra (2.0.2)
      mustermann (~> 1.0)
      rack (~> 2.0)
      rack-protection (= 2.0.2)
      tilt (~> 2.0)
    tilt (2.0.8)

PLATFORMS
  ruby

DEPENDENCIES
  cool.io
  serverengine
  sinatra

BUNDLED WITH
   1.16.1
