GEM
  remote: https://rubygems.org/
  specs:
    cool.io (1.5.3)
    httpclient (2.8.3)
    kgio (2.11.2)
    mustermann (1.0.2)
    puma (3.11.4)
    rack (2.0.5)
    rack-protection (2.0.3)
      rack
    raindrops (0.19.0)
    serverengine (2.0.6)
      sigdump (~> 0.2.2)
    sigdump (0.2.4)
    sinatra (2.0.3)
      mustermann (~> 1.0)
      rack (~> 2.0)
      rack-protection (= 2.0.3)
      tilt (~> 2.0)
    stackprof (0.2.11)
    tilt (2.0.8)
    unicorn (5.4.0)
      kgio (~> 2.6)
      raindrops (~> 0.7)

PLATFORMS
  ruby

DEPENDENCIES
  cool.io
  httpclient
  puma
  serverengine
  sinatra
  stackprof
  unicorn

BUNDLED WITH
   1.16.1
