GIT
  remote: https://github.com/ganmacs/griffin-interceptors
  revision: 6f1161794cd566bd9492baee521f7e059485f876
  branch: add-worker-killer-insterceptors
  specs:
    griffin-interceptors (0.1.4)
      get_process_mem (~> 0.2.3)
      griffin (>= 0.2.3)

GEM
  remote: https://rubygems.org/
  specs:
    ds9 (1.3.3)
      mini_portile2 (>= 2.2.0)
    get_process_mem (0.2.3)
    google-protobuf (3.6.1)
    googleapis-common-protos-types (1.0.3)
      google-protobuf (~> 3.0)
    griffin (0.2.3)
      grpc_kit (>= 0.3.6)
      serverengine (~> 2.0.7)
    grpc_kit (0.3.6)
      ds9 (>= 1.3.3)
      google-protobuf (>= 3.6.1)
      googleapis-common-protos-types (>= 1.0.2)
    mini_portile2 (2.4.0)
    serverengine (2.0.7)
      sigdump (~> 0.2.2)
    sigdump (0.2.4)

PLATFORMS
  ruby

DEPENDENCIES
  griffin
  griffin-interceptors!
  grpc_kit

BUNDLED WITH
   1.17.1
