GIT
  remote: https://github.com/ganmacs/griffin
  revision: fcb895bdd0ce31a4aec5c84734e0b2366dc4a54f
  branch: worker-can-identify-the-kind-of-signal
  specs:
    griffin (0.2.2)
      grpc_kit (>= 0.3.4)
      serverengine (~> 2.0.7)

GIT
  remote: https://github.com/ganmacs/griffin-interceptors
  revision: 2b219546fea7eadd321633c5f66a5237ffa6333c
  branch: add-worker-killer-insterceptors
  specs:
    griffin-interceptors (0.1.4)
      get_process_mem (~> 0.2.3)
      griffin (>= 0.1.5)

GIT
  remote: https://github.com/ganmacs/grpc_kit
  revision: 679ad0d25cf80547fce5f8372ab789194cafcdef
  specs:
    grpc_kit (0.3.5)
      ds9 (>= 1.3.3)
      google-protobuf (>= 3.6.1)
      googleapis-common-protos-types (>= 1.0.2)

GEM
  remote: https://rubygems.org/
  specs:
    ds9 (1.3.3)
      mini_portile2 (>= 2.2.0)
    get_process_mem (0.2.3)
    google-protobuf (3.6.1)
    googleapis-common-protos-types (1.0.3)
      google-protobuf (~> 3.0)
    mini_portile2 (2.4.0)
    serverengine (2.0.7)
      sigdump (~> 0.2.2)
    sigdump (0.2.4)

PLATFORMS
  ruby

DEPENDENCIES
  griffin!
  griffin-interceptors!
  grpc_kit!

BUNDLED WITH
   1.16.0
