GEM
  remote: https://rubygems.org/
  specs:
    google-protobuf (3.6.1)
    googleapis-common-protos-types (1.0.2)
      google-protobuf (~> 3.0)
    grpc (1.14.1)
      google-protobuf (~> 3.1)
      googleapis-common-protos-types (~> 1.0.0)

PLATFORMS
  ruby

DEPENDENCIES
  grpc

BUNDLED WITH
   1.16.0
